GEM
  remote: https://rubygems.org/
  specs:
    actioncable (5.1.6.1)
      actionpack (= 5.1.6.1)
      nio4r (~> 2.0)
      websocket-driver (~> 0.6.1)
    actionmailer (5.1.6.1)
      actionpack (= 5.1.6.1)
      actionview (= 5.1.6.1)
      activejob (= 5.1.6.1)
      mail (~> 2.5, >= 2.5.4)
      rails-dom-testing (~> 2.0)
    actionpack (5.1.6.1)
      actionview (= 5.1.6.1)
      activesupport (= 5.1.6.1)
      rack (~> 2.0)
      rack-test (>= 0.6.3)
      rails-dom-testing (~> 2.0)
      rails-html-sanitizer (~> 1.0, >= 1.0.2)
    actionview (5.1.6.1)
      activesupport (= 5.1.6.1)
      builder (~> 3.1)
      erubi (~> 1.4)
      rails-dom-testing (~> 2.0)
      rails-html-sanitizer (~> 1.0, >= 1.0.3)
    activejob (5.1.6.1)
      activesupport (= 5.1.6.1)
      globalid (>= 0.3.6)
    activemodel (5.1.6.1)
      activesupport (= 5.1.6.1)
    activerecord (5.1.6.1)
      activemodel (= 5.1.6.1)
      activesupport (= 5.1.6.1)
      arel (~> 8.0)
    activesupport (5.1.6.1)
      concurrent-ruby (~> 1.0, >= 1.0.2)
      i18n (>= 0.7, < 2)
      minitest (~> 5.1)
      tzinfo (~> 1.1)
    addressable (2.5.2)
      public_suffix (>= 2.0.2, < 4.0)
    arel (8.0.0)
    ast (2.4.0)
    babel-source (5.8.35)
    babel-transpiler (0.7.0)
      babel-source (>= 4.0, < 6)
      execjs (~> 2.0)
    bcrypt (3.1.12)
    bindex (0.5.0)
    builder (3.2.3)
    byebug (10.0.2)
    capybara (2.18.0)
      addressable
      mini_mime (>= 0.1.3)
      nokogiri (>= 1.3.3)
      rack (>= 1.0.0)
      rack-test (>= 0.5.4)
      xpath (>= 2.0, < 4.0)
    childprocess (0.9.0)
      ffi (~> 1.0, >= 1.0.11)
    coderay (1.1.2)
    coffee-rails (4.2.2)
      coffee-script (>= 2.2.0)
      railties (>= 4.0.0)
    coffee-script (2.4.1)
      coffee-script-source
      execjs
    coffee-script-source (1.12.2)
    concurrent-ruby (1.1.3)
    connection_pool (2.2.2)
    crass (1.0.4)
    devise (4.5.0)
      bcrypt (~> 3.0)
      orm_adapter (~> 0.1)
      railties (>= 4.1.0, < 6.0)
      responders
      warden (~> 1.2.3)
    diff-lcs (1.3)
    erubi (1.7.1)
    execjs (2.7.0)
    ffi (1.9.25)
    foreman (0.85.0)
      thor (~> 0.19.1)
    globalid (0.4.1)
      activesupport (>= 4.2.0)
    hike (1.2.3)
    hyper-component (0.99.3)
      hyper-store (= 0.99.3)
      hyperloop-config (= 0.99.3)
      libv8 (~> 6.3.0)
      mini_racer (~> 0.1.15)
      opal (>= 0.11.0, < 0.12.0)
      opal-activesupport (~> 0.3.1)
      react-rails (>= 2.4.0, < 2.5.0)
    hyper-model (0.99.3)
      activemodel
      activerecord (>= 4.0.0)
      hyper-component (= 0.99.3)
      hyper-operation (= 0.99.3)
    hyper-operation (0.99.3)
      activerecord (>= 4.0.0)
      hyper-component (= 0.99.3)
      mutations
      opal-activesupport (~> 0.3.1)
    hyper-router (0.99.3)
      hyper-component (= 0.99.3)
      opal-browser (~> 0.2.0)
    hyper-store (0.99.3)
      hyperloop-config (= 0.99.3)
      opal (>= 0.11.0, < 0.12.0)
    hyperloop (0.99.3)
      hyper-model (= 0.99.3)
      hyper-router (= 0.99.3)
      libv8 (~> 6.3.0)
      mini_racer (~> 0.1.15)
      opal-browser (~> 0.2.0)
      opal-rails (~> 0.9.4)
      rails (>= 4.0.0)
      react-rails (>= 2.4.0, < 2.5.0)
    hyperloop-config (0.99.3)
      libv8 (~> 6.3.0)
      mini_racer (~> 0.1.15)
      opal (>= 0.11.0, < 0.12.0)
      opal-browser (~> 0.2.0)
      uglifier
    i18n (1.2.0)
      concurrent-ruby (~> 1.0)
    interception (0.5)
    jbuilder (2.8.0)
      activesupport (>= 4.2.0)
      multi_json (>= 1.2)
    jquery-rails (4.3.3)
      rails-dom-testing (>= 1, < 3)
      railties (>= 4.2.0)
      thor (>= 0.14, < 2.0)
    libv8 (6.3.292.48.1)
    listen (3.1.5)
      rb-fsevent (~> 0.9, >= 0.9.4)
      rb-inotify (~> 0.9, >= 0.9.7)
      ruby_dep (~> 1.2)
    loofah (2.2.3)
      crass (~> 1.0.2)
      nokogiri (>= 1.5.9)
    mail (2.7.1)
      mini_mime (>= 0.1.1)
    method_source (0.9.2)
    mini_mime (1.0.1)
    mini_portile2 (2.3.0)
    mini_racer (0.1.15)
      libv8 (~> 6.3)
    minitest (5.11.3)
    multi_json (1.13.1)
    mutations (0.8.3)
      activesupport
    mysql2 (0.5.2)
    nio4r (2.3.1)
    nokogiri (1.8.5)
      mini_portile2 (~> 2.3.0)
    opal (0.11.4)
      ast (>= 2.3.0)
      hike (~> 1.2)
      parser (= 2.3.3.1)
      sourcemap (~> 0.1.0)
    opal-activesupport (0.3.1)
      opal (>= 0.5.0, < 1.0.0)
    opal-browser (0.2.0)
      opal
      paggio
    opal-jquery (0.4.3)
      opal (>= 0.10.0, < 0.12.0)
    opal-rails (0.9.5)
      jquery-rails
      opal (>= 0.11.0, < 0.12)
      opal-activesupport (>= 0.0.5)
      opal-jquery (~> 0.4.0)
      opal-sprockets (~> 0.4.2)
      rails (>= 4.1, < 6.0)
      sprockets-rails (>= 2.3.3, < 4.0)
    opal-sprockets (0.4.2.0.11.0.3.1)
      opal (~> 0.11.0)
      sprockets (~> 3.1)
      tilt (>= 1.4)
    opal_hot_reloader (0.1.7)
      listen (~> 3.0)
      websocket
    orm_adapter (0.5.0)
    paggio (0.2.6)
    parser (2.3.3.1)
      ast (~> 2.2)
    pry (0.12.2)
      coderay (~> 1.1.0)
      method_source (~> 0.9.0)
    pry-rails (0.3.8)
      pry (>= 0.10.4)
    pry-rescue (1.5.0)
      interception (>= 0.5)
      pry (>= 0.12.0)
    public_suffix (3.0.3)
    puma (3.12.0)
    rack (2.0.6)
    rack-test (1.1.0)
      rack (>= 1.0, < 3)
    rails (5.1.6.1)
      actioncable (= 5.1.6.1)
      actionmailer (= 5.1.6.1)
      actionpack (= 5.1.6.1)
      actionview (= 5.1.6.1)
      activejob (= 5.1.6.1)
      activemodel (= 5.1.6.1)
      activerecord (= 5.1.6.1)
      activesupport (= 5.1.6.1)
      bundler (>= 1.3.0)
      railties (= 5.1.6.1)
      sprockets-rails (>= 2.0.0)
    rails-dom-testing (2.0.3)
      activesupport (>= 4.2.0)
      nokogiri (>= 1.6)
    rails-html-sanitizer (1.0.4)
      loofah (~> 2.2, >= 2.2.2)
    railties (5.1.6.1)
      actionpack (= 5.1.6.1)
      activesupport (= 5.1.6.1)
      method_source
      rake (>= 0.8.7)
      thor (>= 0.18.1, < 2.0)
    rake (12.3.2)
    rb-fsevent (0.10.3)
    rb-inotify (0.9.10)
      ffi (>= 0.5.0, < 2)
    react-rails (2.4.7)
      babel-transpiler (>= 0.7.0)
      connection_pool
      execjs
      railties (>= 3.2)
      tilt
    responders (2.4.0)
      actionpack (>= 4.2.0, < 5.3)
      railties (>= 4.2.0, < 5.3)
    rspec-core (3.8.0)
      rspec-support (~> 3.8.0)
    rspec-expectations (3.8.2)
      diff-lcs (>= 1.2.0, < 2.0)
      rspec-support (~> 3.8.0)
    rspec-mocks (3.8.0)
      diff-lcs (>= 1.2.0, < 2.0)
      rspec-support (~> 3.8.0)
    rspec-rails (3.8.1)
      actionpack (>= 3.0)
      activesupport (>= 3.0)
      railties (>= 3.0)
      rspec-core (~> 3.8.0)
      rspec-expectations (~> 3.8.0)
      rspec-mocks (~> 3.8.0)
      rspec-support (~> 3.8.0)
    rspec-support (3.8.0)
    ruby_dep (1.5.0)
    rubyzip (1.2.2)
    sassc (2.0.0)
      ffi (~> 1.9.6)
      rake
    selenium-webdriver (3.141.0)
      childprocess (~> 0.5)
      rubyzip (~> 1.2, >= 1.2.2)
    sourcemap (0.1.1)
    spring (2.0.2)
      activesupport (>= 4.2)
    spring-watcher-listen (2.0.1)
      listen (>= 2.7, < 4.0)
      spring (>= 1.2, < 3.0)
    sprockets (3.7.2)
      concurrent-ruby (~> 1.0)
      rack (> 1, < 3)
    sprockets-rails (3.2.1)
      actionpack (>= 4.0)
      activesupport (>= 4.0)
      sprockets (>= 3.0.0)
    thor (0.19.4)
    thread_safe (0.3.6)
    tilt (2.0.9)
    turbolinks (5.2.0)
      turbolinks-source (~> 5.2)
    turbolinks-source (5.2.0)
    tzinfo (1.2.5)
      thread_safe (~> 0.1)
    uglifier (4.1.20)
      execjs (>= 0.3.0, < 3)
    warden (1.2.8)
      rack (>= 2.0.6)
    web-console (3.7.0)
      actionview (>= 5.0)
      activemodel (>= 5.0)
      bindex (>= 0.4.0)
      railties (>= 5.0)
    websocket (1.2.8)
    websocket-driver (0.6.5)
      websocket-extensions (>= 0.1.0)
    websocket-extensions (0.1.3)
    xpath (3.2.0)
      nokogiri (~> 1.8)

PLATFORMS
  ruby

DEPENDENCIES
  byebug
  capybara (~> 2.13)
  coffee-rails (~> 4.2)
  devise
  foreman
  hyperloop
  jbuilder (~> 2.5)
  listen (>= 3.0.5, < 3.2)
  mysql2 (>= 0.3.18, < 0.6.0)
  opal_hot_reloader
  pry-rails
  pry-rescue
  puma (~> 3.7)
  rails (~> 5.1.6)
  rspec-rails (~> 3.5)
  sassc
  selenium-webdriver
  spring
  spring-watcher-listen (~> 2.0.0)
  turbolinks (~> 5)
  tzinfo-data
  uglifier (>= 1.3.0)
  web-console (>= 3.3.0)

BUNDLED WITH
   1.16.5
